GEM
  remote: https://rubygems.org/
  specs:
    bigdecimal (3.2.3)
    csv (3.3.5)
    httparty (0.23.1)
      csv
      mini_mime (>= 1.0.0)
      multi_xml (>= 0.5.2)
    mini_mime (1.1.5)
    mini_portile2 (2.8.9)
    multi_xml (0.7.2)
      bigdecimal (~> 3.1)
    nokogiri (1.18.10)
      mini_portile2 (~> 2.8.2)
      racc (~> 1.4)
    nokogiri (1.18.10-arm64-darwin)
      racc (~> 1.4)
    racc (1.8.1)

PLATFORMS
  arm64-darwin-24
  ruby

DEPENDENCIES
  csv
  httparty (~> 0.23.1)
  nokogiri

RUBY VERSION
   ruby 3.4.1p0

BUNDLED WITH
   2.6.2
